GEM
  remote: https://rubygems.org/
  specs:
    newrelic_rpm (3.5.6.55)
    nio4r (2.7.0)
    puma (6.4.2)
      nio4r (~> 2.0)
    rack (3.0.7)

PLATFORMS
  ruby

DEPENDENCIES
  newrelic_rpm
  puma (>= 6.4.2)
  rack (>= 3.0.0)

BUNDLED WITH
   2.1.4
