GEM
  remote: https://rubygems.org/
  specs:
    newrelic_rpm (3.5.6.55)
    nio4r (2.5.9)
    puma (6.2.2)
      nio4r (~> 2.0)
    rack (3.1.10)

PLATFORMS
  ruby

DEPENDENCIES
  newrelic_rpm
  puma (>= 5.6.4)
  rack (>= 3.0.12)

BUNDLED WITH
   2.1.4
