GEM
  remote: https://rubygems.org/
  specs:
    newrelic_rpm (3.5.6.55)
    nio4r (2.5.8)
    puma (5.5.2)
      nio4r (~> 2.0)
    rack (3.0.0)

PLATFORMS
  ruby

DEPENDENCIES
  newrelic_rpm
  puma (>= 5.5.1)
  rack (>= 3.0.0)

BUNDLED WITH
   2.1.4
