GEM
  remote: https://rubygems.org/
  specs:
    newrelic_rpm (3.5.6.55)
    puma (2.11.2)
      rack (>= 1.1, < 2.0)
    rack (1.4.4)

PLATFORMS
  ruby

DEPENDENCIES
  newrelic_rpm
  puma
  rack
