GEM
  remote: http://rubygems.org/
  specs:
    newrelic_rpm (3.5.6.55)
    rack (1.4.4)

PLATFORMS
  ruby

DEPENDENCIES
  newrelic_rpm
  rack
