GEM
  remote: https://rubygems.org/
  specs:
    newrelic_rpm (3.5.6.55)
    nio4r (2.5.8)
    puma (5.5.0)
      nio4r (~> 2.0)
    rack (2.2.3)

PLATFORMS
  ruby

DEPENDENCIES
  newrelic_rpm
  puma (>= 4.3.8)
  rack (>= 2.1.4)

BUNDLED WITH
   2.1.4
